PATH
  remote: .
  specs:
    cachetastic (3.7.0)
      activesupport
      configatron

GEM
  remote: https://rubygems.org/
  specs:
    activemodel (3.2.11)
      activesupport (= 3.2.11)
      builder (~> 3.0.0)
    activesupport (3.2.11)
      i18n (~> 0.6)
      multi_json (~> 1.0)
    builder (3.0.4)
    configatron (2.9.1)
      yamler (>= 0.1.0)
    dalli (2.6.0)
    diff-lcs (1.1.3)
    i18n (0.6.1)
    memcache-client (1.8.5)
    mongoid (3.0.9)
      activemodel (~> 3.1)
      moped (~> 1.1)
      origin (~> 1.0)
      tzinfo (~> 0.3.22)
    moped (1.5.3)
    multi_json (1.5.0)
    origin (1.0.11)
    rake (10.0.3)
    redis (3.0.2)
    rspec (2.12.0)
      rspec-core (~> 2.12.0)
      rspec-expectations (~> 2.12.0)
      rspec-mocks (~> 2.12.0)
    rspec-core (2.12.2)
    rspec-expectations (2.12.1)
      diff-lcs (~> 1.1.3)
    rspec-mocks (2.12.1)
    timecop (0.5.7)
    tzinfo (0.3.35)
    yamler (0.1.0)

PLATFORMS
  ruby

DEPENDENCIES
  cachetastic!
  dalli
  memcache-client
  mongoid
  rake
  redis
  rspec
  timecop
